GEM
  remote: https://rubygems.org/
  specs:
    coderay (1.1.0)
    json (1.8.3)
    method_source (0.8.2)
    pry (0.10.1)
      coderay (~> 1.1.0)
      method_source (~> 0.8.1)
      slop (~> 3.4)
    rake (10.5.0)
    slop (3.6.0)

PLATFORMS
  ruby

DEPENDENCIES
  bundler
  json
  pry
  rake

BUNDLED WITH
   1.11.2
